REDIRECTS: ON
NUGET
  remote: https://www.nuget.org/api/v2
  specs:
    Exira.ErrorHandling (0.2.39)
      FSharp.Core
    FAKE (4.12.2)
    FSharp.Compiler.Service (1.4.2.3)
    FSharp.Configuration (0.5.9)
    FSharp.Core (4.0.0.1)
    FSharp.Formatting (2.13.0)
      FSharp.Compiler.Service (>= 1.4.2 < 1.5.0)
      FSharpVSPowerTools.Core (>= 2.2.0 < 2.3.0)
    FSharpVSPowerTools.Core (2.2.0)
      FSharp.Compiler.Service (>= 1.4.2.0)
    Microsoft.Bcl (1.1.10)
      Microsoft.Bcl.Build (>= 1.0.14)
    Microsoft.Bcl.Build (1.0.21) - import_targets: false
    Microsoft.Net.Http (2.2.29)
      Microsoft.Bcl (>= 1.1.10)
      Microsoft.Bcl.Build (>= 1.0.14)
    Mono.Security (3.2.3)
    Octokit (0.17.0)
      Microsoft.Net.Http
    SharpZipLib (0.86.0)
    SourceLink.Fake (1.1.0)
GITHUB
  remote: mono/ngit
  specs:
    FULLPROJECT (292a4e4ff81d1c4f59b04cd2b9bc1a1f588fa4eb)
  remote: fsharp/FAKE
  specs:
    modules/Octokit/Octokit.fsx (25f012022dcefdf72f4dd342d08075161512d76a)
      Octokit